GEM
  remote: https://rubygems.org/
  specs:
    ipaddr (1.2.2)
    openssl (2.1.2)
      ipaddr

PLATFORMS
  ruby

DEPENDENCIES
  openssl

BUNDLED WITH
   2.0.2
