GEM
  remote: https://rubygems.org/
  specs:
    openssl (3.0.0)

PLATFORMS
  ruby

DEPENDENCIES
  openssl

BUNDLED WITH
   2.0.2
